PATH
  remote: .
  specs:
    unshorten (0.3.2)

GEM
  remote: https://rubygems.org/
  specs:
    minitest (5.3.0)
    rake (10.1.1)

PLATFORMS
  ruby

DEPENDENCIES
  minitest
  rake
  unshorten!
